PATH
  remote: .
  specs:
    mongomapper_id2 (0.0.4)
      mongo_mapper

GEM
  specs:
    activemodel (3.0.7)
      activesupport (= 3.0.7)
      builder (~> 2.1.2)
      i18n (~> 0.5.0)
    activesupport (3.0.7)
    bson (1.3.1)
    bson_ext (1.3.1)
    builder (2.1.2)
    i18n (0.5.0)
    jnunemaker-matchy (0.4.0)
    log_buddy (0.5.0)
    mocha (0.9.12)
    mongo (1.3.1)
      bson (>= 1.3.1)
    mongo_mapper (0.9.1)
      activemodel (~> 3.0)
      activesupport (~> 3.0)
      plucky (~> 0.3.8)
    plucky (0.3.8)
      mongo (~> 1.3)
    shoulda (2.11.3)
    timecop (0.3.5)
    tzinfo (0.3.27)

PLATFORMS
  ruby

DEPENDENCIES
  activemodel
  bson_ext
  i18n
  jnunemaker-matchy
  log_buddy
  mocha
  mongo_mapper
  mongomapper_id2!
  shoulda
  timecop
  tzinfo
