PATH
  remote: .
  specs:
    mongomapper_id2 (0.0.5)
      mongo_mapper

GEM
  specs:
    activemodel (3.2.3)
      activesupport (= 3.2.3)
      builder (~> 3.0.0)
    activesupport (3.2.3)
      i18n (~> 0.6)
      multi_json (~> 1.0)
    bson (1.6.2)
    bson_ext (1.6.2)
      bson (~> 1.6.2)
    builder (3.0.0)
    i18n (0.6.0)
    jnunemaker-matchy (0.4.0)
    log_buddy (0.7.0)
    metaclass (0.0.1)
    mocha (0.11.4)
      metaclass (~> 0.0.1)
    mongo (1.6.2)
      bson (~> 1.6.2)
    mongo_mapper (0.11.1)
      activemodel (~> 3.0)
      activesupport (~> 3.0)
      plucky (~> 0.4.0)
    multi_json (1.3.6)
    plucky (0.4.4)
      mongo (~> 1.5)
    shoulda (3.0.1)
      shoulda-context (~> 1.0.0)
      shoulda-matchers (~> 1.0.0)
    shoulda-context (1.0.0)
    shoulda-matchers (1.0.0)
    timecop (0.3.5)
    tzinfo (0.3.33)

PLATFORMS
  ruby

DEPENDENCIES
  activemodel
  bson_ext
  i18n
  jnunemaker-matchy
  log_buddy
  mocha
  mongo_mapper
  mongomapper_id2!
  shoulda
  timecop
  tzinfo
